PATH
  remote: .
  specs:
    net-ping (1.7.7)

GEM
  remote: http://rubygems.org/
  specs:
    fakeweb (1.3.0)
    power_assert (0.2.2)
    rake (10.4.2)
    test-unit (3.0.9)
      power_assert

PLATFORMS
  ruby

DEPENDENCIES
  fakeweb
  net-ping!
  rake
  test-unit
